GEM
  remote: http://rubygems.org/
  specs:
    bcrypt-ruby (2.1.2)
    devise (1.1.3)
      bcrypt-ruby (~> 2.1.2)
      warden (~> 0.10.7)
    git (1.2.5)
    jeweler (1.5.1)
      bundler (~> 1.0.0)
      git (>= 1.2.5)
      rake
    rack (1.2.1)
    rake (0.8.7)
    rcov (0.9.9)
    shoulda (2.11.3)
    warden (0.10.7)
      rack (>= 1.0.0)

PLATFORMS
  ruby

DEPENDENCIES
  bundler (~> 1.0.0)
  devise
  jeweler (~> 1.5.1)
  rcov
  shoulda
